GIT
  remote: https://github.com/tokend/xdrgen.git
  revision: 23aeb5c65c7dc9bfa670b7c9973b377d90c36bba
  specs:
    xdrgen (0.0.6)
      activesupport (~> 5)
      memoist (~> 0.11.0)
      slop (~> 3.4)
      treetop (~> 1.5.3)

GEM
  remote: https://rubygems.org/
  specs:
    activesupport (5.2.2)
      concurrent-ruby (~> 1.0, >= 1.0.2)
      i18n (>= 0.7, < 2)
      minitest (~> 5.1)
      tzinfo (~> 1.1)
    addressable (2.8.0)
      public_suffix (>= 2.0.2, < 5.0)
    coderay (1.1.2)
    concurrent-ruby (1.1.4)
    faraday (1.5.1)
      faraday-em_http (~> 1.0)
      faraday-em_synchrony (~> 1.0)
      faraday-excon (~> 1.1)
      faraday-httpclient (~> 1.0.1)
      faraday-net_http (~> 1.0)
      faraday-net_http_persistent (~> 1.1)
      faraday-patron (~> 1.0)
      multipart-post (>= 1.2, < 3)
      ruby2_keywords (>= 0.0.4)
    faraday-em_http (1.0.0)
    faraday-em_synchrony (1.0.0)
    faraday-excon (1.1.0)
    faraday-httpclient (1.0.1)
    faraday-net_http (1.0.1)
    faraday-net_http_persistent (1.2.0)
    faraday-patron (1.0.0)
    i18n (1.5.3)
      concurrent-ruby (~> 1.0)
    memoist (0.11.0)
    method_source (0.9.2)
    minitest (5.11.3)
    multipart-post (2.1.1)
    octokit (4.13.0)
      sawyer (~> 0.8.0, >= 0.5.3)
    polyglot (0.3.5)
    pry (0.12.2)
      coderay (~> 1.1.0)
      method_source (~> 0.9.0)
    public_suffix (4.0.6)
    rake (12.3.2)
    ruby2_keywords (0.0.4)
    sawyer (0.8.2)
      addressable (>= 2.3.5)
      faraday (> 0.8, < 2.0)
    slop (3.6.0)
    thread_safe (0.3.6)
    treetop (1.5.3)
      polyglot (~> 0.3)
    tzinfo (1.2.5)
      thread_safe (~> 0.1)

PLATFORMS
  ruby

DEPENDENCIES
  octokit
  pry
  rake
  xdrgen!

BUNDLED WITH
   1.16.3
